GEM
  remote: http://rubygems.org/
  specs:
    rake (0.9.2.2)
    watchr (0.7)

PLATFORMS
  ruby

DEPENDENCIES
  rake
  watchr
